GEM
  remote: https://rubygems.org/
  specs:
    backports (3.15.0)
    multi_json (1.14.1)
    mustermann (1.1.1)
      ruby2_keywords (~> 0.0.1)
    rack (2.0.8)
    rack-protection (2.0.8.1)
      rack
    ruby2_keywords (0.0.1)
    sinatra (2.0.8.1)
      mustermann (~> 1.0)
      rack (~> 2.0)
      rack-protection (= 2.0.8.1)
      tilt (~> 2.0)
    sinatra-contrib (2.0.8.1)
      backports (>= 2.8.2)
      multi_json
      mustermann (~> 1.0)
      rack-protection (= 2.0.8.1)
      sinatra (= 2.0.8.1)
      tilt (~> 2.0)
    sinatra-reloader (1.0)
      sinatra-contrib
    sqlite3 (1.4.2)
    tilt (2.0.10)

PLATFORMS
  ruby

DEPENDENCIES
  sinatra
  sinatra-contrib (~> 2.0, >= 2.0.7)
  sinatra-reloader (~> 1.0)
  sqlite3

BUNDLED WITH
   2.1.3
